GEM
  remote: https://rubygems.org/
  specs:
    activesupport (3.2.21)
      i18n (~> 0.6, >= 0.6.4)
      multi_json (~> 1.0)
    app_signer (0.0.1)
      plist (= 3.1.0)
      trollop (= 2.0)
    claide (0.6.1)
    cocoapods (0.33.1)
      activesupport (>= 3.2.15, < 4)
      claide (~> 0.6.1)
      cocoapods-core (= 0.33.1)
      cocoapods-downloader (~> 0.6.1)
      cocoapods-plugins (~> 0.2.0)
      cocoapods-trunk (~> 0.1.1)
      cocoapods-try (~> 0.3.0)
      colored (~> 1.2)
      escape (~> 0.0.4)
      json_pure (~> 1.8)
      nap (~> 0.7)
      open4 (~> 1.3)
      xcodeproj (~> 0.17.0)
    cocoapods-core (0.33.1)
      activesupport (>= 3.2.15)
      fuzzy_match (~> 2.0.4)
      json_pure (~> 1.8)
      nap (~> 0.5)
    cocoapods-downloader (0.6.1)
    cocoapods-plugins (0.2.0)
      nap
    cocoapods-trunk (0.1.4)
      json_pure (~> 1.8)
      nap (>= 0.6)
      netrc
    cocoapods-try (0.3.0)
    colored (1.2)
    escape (0.0.4)
    fuzzy_match (2.0.4)
    i18n (0.7.0)
    json_pure (1.8.2)
    mime-types (2.6.1)
    multi_json (1.11.0)
    nap (0.8.0)
    netrc (0.10.3)
    open4 (1.3.4)
    plist (3.1.0)
    rake (10.3.2)
    rest-client (1.6.7)
      mime-types (>= 1.16)
    trollop (2.0)
    xcodeproj (0.17.0)
      activesupport (~> 3.0)
      colored (~> 1.2)
    xcpretty (0.1.5)

PLATFORMS
  ruby

DEPENDENCIES
  app_signer (= 0.0.1)
  cocoapods (= 0.33.1)
  plist (= 3.1.0)
  rake (= 10.3.2)
  rest-client (= 1.6.7)
  xcpretty (= 0.1.5)

BUNDLED WITH
   1.10.3
